GEM
  remote: https://rubygems.org/
  specs:
    activesupport (6.0.3.4)
      concurrent-ruby (~> 1.0, >= 1.0.2)
      i18n (>= 0.7, < 2)
      minitest (~> 5.1)
      tzinfo (~> 1.1)
      zeitwerk (~> 2.2, >= 2.2.2)
    ast (2.4.1)
    awesome_print (1.8.0)
    builder (3.2.4)
    calabash-cucumber (0.22.2)
      awesome_print
      clipboard (~> 1.0)
      cucumber
      edn (>= 1.0.6, < 2.0)
      geocoder (>= 1.1.8, < 2.0)
      httpclient (>= 2.7.1, < 3.0)
      json
      run_loop (>= 4.2, < 5.0)
      slowhandcuke (~> 0.0.3)
    clipboard (1.3.5)
    command_runner_ng (0.1.4)
    concurrent-ruby (1.1.7)
    cucumber (5.2.0)
      builder (~> 3.2, >= 3.2.4)
      cucumber-core (~> 8.0, >= 8.0.1)
      cucumber-create-meta (~> 2.0, >= 2.0.2)
      cucumber-cucumber-expressions (~> 10.3, >= 10.3.0)
      cucumber-gherkin (~> 15.0, >= 15.0.2)
      cucumber-html-formatter (~> 9.0, >= 9.0.0)
      cucumber-messages (~> 13.1, >= 13.1.0)
      cucumber-wire (~> 4.0, >= 4.0.1)
      diff-lcs (~> 1.4, >= 1.4.4)
      multi_test (~> 0.1, >= 0.1.2)
      sys-uname (~> 1.2, >= 1.2.1)
    cucumber-core (8.0.1)
      cucumber-gherkin (~> 15.0, >= 15.0.2)
      cucumber-messages (~> 13.0, >= 13.0.1)
      cucumber-tag-expressions (~> 2.0, >= 2.0.4)
    cucumber-create-meta (2.0.4)
      cucumber-messages (~> 13.1, >= 13.1.0)
      sys-uname (~> 1.2, >= 1.2.1)
    cucumber-cucumber-expressions (10.3.0)
    cucumber-gherkin (15.0.2)
      cucumber-messages (~> 13.0, >= 13.0.1)
    cucumber-html-formatter (9.0.0)
      cucumber-messages (~> 13.0, >= 13.0.1)
    cucumber-messages (13.2.0)
      protobuf-cucumber (~> 3.10, >= 3.10.8)
    cucumber-tag-expressions (2.0.4)
    cucumber-wire (4.0.1)
      cucumber-core (~> 8.0, >= 8.0.1)
      cucumber-cucumber-expressions (~> 10.3, >= 10.3.0)
      cucumber-messages (~> 13.0, >= 13.0.1)
    diff-lcs (1.4.4)
    edn (1.1.1)
    ffi (1.13.1)
    geocoder (1.6.4)
    httpclient (2.8.3)
    i18n (0.9.5)
      concurrent-ruby (~> 1.0)
    json (2.3.1)
    middleware (0.1.0)
    minitest (5.14.2)
    multi_test (0.1.2)
    parallel (1.20.0)
    parser (2.7.2.0)
      ast (~> 2.4.1)
    protobuf-cucumber (3.10.8)
      activesupport (>= 3.2)
      middleware
      thor
      thread_safe
    rainbow (3.0.0)
    regexp_parser (1.8.2)
    rexml (3.2.4)
    rubocop (1.3.1)
      parallel (~> 1.10)
      parser (>= 2.7.1.5)
      rainbow (>= 2.2.2, < 4.0)
      regexp_parser (>= 1.8)
      rexml
      rubocop-ast (>= 1.1.1)
      ruby-progressbar (~> 1.7)
      unicode-display_width (>= 1.4.0, < 2.0)
    rubocop-ast (1.1.1)
      parser (>= 2.7.1.5)
    ruby-progressbar (1.10.1)
    run_loop (4.5.4)
      awesome_print (~> 1.8)
      command_runner_ng (>= 0.1.4, < 1.0)
      httpclient (>= 2.7.1, < 3.0)
      i18n (>= 0.7.0, < 1.0)
      json
      thor (>= 0.20.0, < 1.0)
    slowhandcuke (0.0.3)
      cucumber
    sys-uname (1.2.2)
      ffi (~> 1.1)
    thor (0.20.3)
    thread_safe (0.3.6)
    tzinfo (1.2.10)
      thread_safe (~> 0.1)
    unicode-display_width (1.7.0)
    zeitwerk (2.4.1)

PLATFORMS
  ruby

DEPENDENCIES
  calabash-cucumber
  rubocop

BUNDLED WITH
   2.1.4
